PATH
  remote: .
  specs:
    active_method (0.1.0)

GEM
  remote: https://rubygems.org/
  specs:
    byebug (11.1.3)
    concurrent-ruby (1.1.10)
    matrixeval (0.4.3)
      concurrent-ruby
      rainbow (~> 3.1)
      terminal-table
    matrixeval-ruby (0.4.0)
      matrixeval (~> 0.4.2)
    minitest (5.16.2)
    rainbow (3.1.1)
    rake (13.0.6)
    terminal-table (3.0.2)
      unicode-display_width (>= 1.1.1, < 3)
    unicode-display_width (2.2.0)

PLATFORMS
  arm64-darwin-21

DEPENDENCIES
  active_method!
  byebug
  matrixeval-ruby
  minitest (~> 5.0)
  rake (~> 13.0)

BUNDLED WITH
   2.3.12
