PATH
  remote: .
  specs:
    active_method (0.1.0)

GEM
  remote: https://rubygems.org/
  specs:
    concurrent-ruby (1.1.10)
    debug (1.6.2)
      irb (>= 1.3.6)
      reline (>= 0.3.1)
    docile (1.4.0)
    io-console (0.5.11)
    irb (1.4.1)
      reline (>= 0.3.0)
    matrixeval (0.4.3)
      concurrent-ruby
      rainbow (~> 3.1)
      terminal-table
    matrixeval-ruby (0.4.0)
      matrixeval (~> 0.4.2)
    minitest (5.16.2)
    rainbow (3.1.1)
    rake (13.0.6)
    reline (0.3.1)
      io-console (~> 0.5)
    simplecov (0.21.2)
      docile (~> 1.1)
      simplecov-html (~> 0.11)
      simplecov_json_formatter (~> 0.1)
    simplecov-html (0.12.3)
    simplecov_json_formatter (0.1.4)
    terminal-table (3.0.2)
      unicode-display_width (>= 1.1.1, < 3)
    unicode-display_width (2.2.0)

PLATFORMS
  arm64-darwin-21

DEPENDENCIES
  active_method!
  debug
  matrixeval-ruby
  minitest (~> 5.0)
  rake (~> 13.0)
  simplecov

BUNDLED WITH
   2.3.12
